PATH
  remote: .
  specs:
    tapsoob (0.1.24)
      sequel (~> 4.17.0)

GEM
  remote: http://rubygems.org/
  specs:
    docile (1.1.5)
    multi_json (1.11.0)
    mysql (2.9.1)
    mysql2 (0.3.11)
    pg (0.14.1)
    sequel (4.17.0)
    simplecov (0.9.2)
      docile (~> 1.1.0)
      multi_json (~> 1.0)
      simplecov-html (~> 0.9.0)
    simplecov-html (0.9.0)
    sqlite3 (1.3.7)

PLATFORMS
  ruby

DEPENDENCIES
  mysql (~> 2.9.1)
  mysql2 (~> 0.3.11)
  pg (~> 0.14.1)
  simplecov (~> 0.9.2)
  sqlite3 (~> 1.3.7)
  tapsoob!
