PATH
  remote: .
  specs:
    tapsoob (0.1.35)
      sequel (~> 5.0.0)

GEM
  remote: http://rubygems.org/
  specs:
    diff-lcs (1.2.5)
    docile (1.1.5)
    multi_json (1.11.0)
    mysql2 (0.4.10)
    pg (1.0.0)
    rspec (3.2.0)
      rspec-core (~> 3.2.0)
      rspec-expectations (~> 3.2.0)
      rspec-mocks (~> 3.2.0)
    rspec-core (3.2.3)
      rspec-support (~> 3.2.0)
    rspec-expectations (3.2.1)
      diff-lcs (>= 1.2.0, < 2.0)
      rspec-support (~> 3.2.0)
    rspec-mocks (3.2.1)
      diff-lcs (>= 1.2.0, < 2.0)
      rspec-support (~> 3.2.0)
    rspec-support (3.2.2)
    sequel (5.0.0)
    simplecov (0.9.2)
      docile (~> 1.1.0)
      multi_json (~> 1.0)
      simplecov-html (~> 0.9.0)
    simplecov-html (0.9.0)
    sqlite3 (1.3.11)

PLATFORMS
  ruby

DEPENDENCIES
  mysql2 (~> 0.4.10)
  pg (~> 1.0.0)
  rspec (~> 3.2.0)
  simplecov (~> 0.9.2)
  sqlite3 (~> 1.3.11)
  tapsoob!

BUNDLED WITH
   1.16.1
