PATH
  remote: .
  specs:
    tapsoob (0.1.24)
      sequel (~> 4.17.0)

GEM
  remote: http://rubygems.org/
  specs:
    mysql (2.9.1)
    mysql2 (0.3.11)
    pg (0.14.1)
    sequel (4.17.0)
    sqlite3 (1.3.7)

PLATFORMS
  ruby

DEPENDENCIES
  mysql (~> 2.9.1)
  mysql2 (~> 0.3.11)
  pg (~> 0.14.1)
  sqlite3 (~> 1.3.7)
  tapsoob!
