PATH
  remote: .
  specs:
    tapsoob (0.1.24)
      sequel (~> 4.17.0)

GEM
  remote: http://rubygems.org/
  specs:
    diff-lcs (1.2.5)
    docile (1.1.5)
    multi_json (1.11.0)
    mysql (2.9.1)
    mysql2 (0.3.18)
    pg (0.18.1)
    rspec (3.2.0)
      rspec-core (~> 3.2.0)
      rspec-expectations (~> 3.2.0)
      rspec-mocks (~> 3.2.0)
    rspec-core (3.2.3)
      rspec-support (~> 3.2.0)
    rspec-expectations (3.2.1)
      diff-lcs (>= 1.2.0, < 2.0)
      rspec-support (~> 3.2.0)
    rspec-mocks (3.2.1)
      diff-lcs (>= 1.2.0, < 2.0)
      rspec-support (~> 3.2.0)
    rspec-support (3.2.2)
    sequel (4.17.0)
    simplecov (0.9.2)
      docile (~> 1.1.0)
      multi_json (~> 1.0)
      simplecov-html (~> 0.9.0)
    simplecov-html (0.9.0)
    sqlite3 (1.3.10)

PLATFORMS
  ruby

DEPENDENCIES
  mysql (~> 2.9.1)
  mysql2 (~> 0.3.18)
  pg (~> 0.18.1)
  rspec (~> 3.2.0)
  simplecov (~> 0.9.2)
  sqlite3 (~> 1.3.10)
  tapsoob!
